GEM
  remote: https://rubygems.org/
  specs:
    csv2md (1.1.3)
    kramdown (2.4.0)
      rexml
    nokogiri (1.13.8-x86_64-darwin)
      racc (~> 1.4)
    nokogiri (1.13.8-x86_64-linux)
      racc (~> 1.4)
    racc (1.6.0)
    rexml (3.2.5)
    roo (2.9.0)
      nokogiri (~> 1)
      rubyzip (>= 1.3.0, < 3.0.0)
    rubyzip (2.3.2)

PLATFORMS
  x86_64-darwin-21
  x86_64-linux

DEPENDENCIES
  csv2md
  kramdown
  roo

BUNDLED WITH
   2.3.7
