GEM
  remote: https://rubygems.org/
  specs:
    csv2md (1.1.3)
    kramdown (2.4.0)
      rexml
    rexml (3.2.5)

PLATFORMS
  x86_64-darwin-21
  x86_64-linux

DEPENDENCIES
  csv2md
  kramdown

BUNDLED WITH
   2.3.7
